GEM
  remote: https://rubygems.org/
  specs:
    bindata (1.8.1)
    rack (1.5.2)
    rbzip2 (0.2.0)
    sequel (4.6.0)
    sinatra (1.0)
      rack (>= 1.0)
    slim (2.0.2)
      temple (~> 0.6.6)
      tilt (>= 1.3.3, < 2.1)
    sqlite3 (1.3.8)
    tassadar (0.3.0)
      bindata
      rbzip2
    temple (0.6.7)
    tilt (2.0.0)
    trueskill (1.0.0)

PLATFORMS
  ruby

DEPENDENCIES
  sequel
  sinatra
  slim
  sqlite3
  tassadar
  trueskill
