GEM
  remote: https://rubygems.org/
  specs:
    bindata (1.8.1)
    rack (1.5.2)
    rack-protection (1.5.2)
      rack
    rbzip2 (0.2.0)
    sequel (4.6.0)
    sinatra (1.4.4)
      rack (~> 1.4)
      rack-protection (~> 1.4)
      tilt (~> 1.3, >= 1.3.4)
    slim (2.0.2)
      temple (~> 0.6.6)
      tilt (>= 1.3.3, < 2.1)
    sqlite3 (1.3.8)
    tassadar (0.3.0)
      bindata
      rbzip2
    temple (0.6.7)
    tilt (1.4.1)
    trueskill (1.0.0)

PLATFORMS
  ruby

DEPENDENCIES
  rack
  sequel
  sinatra
  slim
  sqlite3
  tassadar
  tilt (~> 1.4.1)
  trueskill
